PATH
  remote: .
  specs:
    reverse_adoc (0.2.8)
      mathml2asciimath
      mimemagic
      nokogiri (>= 1.10.4)
      word-to-markdown

GEM
  remote: https://rubygems.org/
  specs:
    addressable (2.7.0)
      public_suffix (>= 2.0.2, < 5.0)
    byebug (11.1.1)
    cliver (0.3.2)
    codeclimate-test-reporter (1.0.7)
      simplecov
    css_parser (1.7.1)
      addressable
    descriptive_statistics (2.5.1)
    diff-lcs (1.3)
    docile (1.3.2)
    ffi (1.13.1)
    htmlentities (4.3.4)
    mathml2asciimath (0.0.10)
      htmlentities (~> 4.3.4)
      nokogiri (>= 1.10.4)
    mimemagic (0.3.5)
    mini_portile2 (2.4.0)
    nokogiri (1.10.9)
      mini_portile2 (~> 2.4.0)
    nokogiri-styles (0.1.2)
      nokogiri
    premailer (1.11.1)
      addressable
      css_parser (>= 1.6.0)
      htmlentities (>= 4.0.0)
    public_suffix (4.0.5)
    rake (13.0.1)
    redcarpet (3.5.0)
    reverse_markdown (1.4.0)
      nokogiri
    rspec (3.9.0)
      rspec-core (~> 3.9.0)
      rspec-expectations (~> 3.9.0)
      rspec-mocks (~> 3.9.0)
    rspec-core (3.9.1)
      rspec-support (~> 3.9.1)
    rspec-expectations (3.9.0)
      diff-lcs (>= 1.2.0, < 2.0)
      rspec-support (~> 3.9.0)
    rspec-mocks (3.9.1)
      diff-lcs (>= 1.2.0, < 2.0)
      rspec-support (~> 3.9.0)
    rspec-support (3.9.2)
    simplecov (0.18.5)
      docile (~> 1.1)
      simplecov-html (~> 0.11)
    simplecov-html (0.12.1)
    sys-proctable (1.2.5)
      ffi
    word-to-markdown (1.1.8)
      cliver (~> 0.3)
      descriptive_statistics (~> 2.5)
      nokogiri-styles (~> 0.1)
      premailer (~> 1.8)
      reverse_markdown (~> 1.0)
      sys-proctable (~> 1.0)

PLATFORMS
  ruby

DEPENDENCIES
  byebug
  codeclimate-test-reporter
  rake
  redcarpet
  reverse_adoc!
  rspec
  simplecov

BUNDLED WITH
   2.0.2
